GIT
  remote: git://github.com/pch/json_model.git
  revision: 216cf90286c869003ac6836c3e5b5de39b1bd80d
  specs:
    json_model (0.0.3)
      activesupport (~> 3.0.0)

GIT
  remote: git://github.com/pederbl/hash_converter.git
  revision: a3b44e3cc57035865d7babb933611914f4aac9c7
  specs:
    hash_converter (0.0.2)
      activesupport (>= 3.0.0)

PATH
  remote: .
  specs:
    job_listing_json_models (0.0.1)

GEM
  remote: http://rubygems.org/
  specs:
    activemodel (3.0.3)
      activesupport (= 3.0.3)
      builder (~> 2.1.2)
      i18n (~> 0.4)
    activerecord (3.0.3)
      activemodel (= 3.0.3)
      activesupport (= 3.0.3)
      arel (~> 2.0.2)
      tzinfo (~> 0.3.23)
    activesupport (3.0.3)
    arel (2.0.4)
    builder (2.1.2)
    diff-lcs (1.1.2)
    i18n (0.4.2)
    rspec (2.0.1)
      rspec-core (~> 2.0.1)
      rspec-expectations (~> 2.0.1)
      rspec-mocks (~> 2.0.1)
    rspec-core (2.0.1)
    rspec-expectations (2.0.1)
      diff-lcs (>= 1.1.2)
    rspec-mocks (2.0.1)
      rspec-core (~> 2.0.1)
      rspec-expectations (~> 2.0.1)
    tzinfo (0.3.23)

PLATFORMS
  ruby

DEPENDENCIES
  activemodel (~> 3.0.1)
  activerecord (~> 3.0.1)
  activesupport (~> 3.0.1)
  hash_converter!
  job_listing_json_models!
  json_model!
  rspec (~> 2.0.1)
